GEM
  remote: https://rubygems.org/
  specs:
    coderay (1.1.3)
    method_source (1.0.0)
    mustermann (1.1.1)
      ruby2_keywords (~> 0.0.1)
    nats-pure (0.6.2)
    nio4r (2.5.7)
    pry (0.14.1)
      coderay (~> 1.1)
      method_source (~> 1.0)
    puma (5.3.2)
      nio4r (~> 2.0)
    rack (2.2.3)
    rack-protection (2.1.0)
      rack
    rack-throttle (0.7.0)
      bundler (>= 1.0.0)
      rack (>= 1.0.0)
    redis (4.5.1)
    ruby2_keywords (0.0.4)
    sinatra (2.1.0)
      mustermann (~> 1.0)
      rack (~> 2.2)
      rack-protection (= 2.1.0)
      tilt (~> 2.0)
    tilt (2.0.10)

PLATFORMS
  x86_64-linux

DEPENDENCIES
  nats-pure
  pry
  puma
  rack-protection
  rack-throttle
  redis
  sinatra

BUNDLED WITH
   2.2.30
